GEM
  remote: https://rubygems.org/
  specs:
    mail (2.7.1)
      mini_mime (>= 0.1.1)
    mini_mime (1.0.1)
    mustermann (1.0.3)
    pony (1.12)
      mail (>= 2.0)
    rack (2.0.6)
    rack-protection (2.0.4)
      rack
    shotgun (0.9.2)
      rack (>= 1.0)
    sinatra (2.0.4)
      mustermann (~> 1.0)
      rack (~> 2.0)
      rack-protection (= 2.0.4)
      tilt (~> 2.0)
    tilt (2.0.8)

PLATFORMS
  x86-mingw32

DEPENDENCIES
  pony
  shotgun
  sinatra

BUNDLED WITH
   1.17.1
